GEM
  remote: http://rubygems.org/
  specs:
    json (1.6.0)
    mime-types (1.16)
    oauth (0.4.5)
    rack (1.3.2)
    sinatra (1.2.6)
      rack (~> 1.1)
      tilt (< 2.0, >= 1.2.2)
    tilt (1.3.3)
    twitter_oauth (0.4.3)
      json (>= 1.1.9)
      mime-types (>= 1.16)
      oauth (>= 0.4.1)

PLATFORMS
  ruby
  x86-mingw32

DEPENDENCIES
  sinatra
  twitter_oauth
